PATH
  remote: .
  specs:
    zfs_mgmt (0.4.3)

GEM
  remote: https://rubygems.org/
  specs:
    diff-lcs (1.3)
    filesize (0.2.0)
    json (2.3.0)
    rake (13.0.1)
    rspec (3.9.0)
      rspec-core (~> 3.9.0)
      rspec-expectations (~> 3.9.0)
      rspec-mocks (~> 3.9.0)
    rspec-core (3.9.1)
      rspec-support (~> 3.9.1)
    rspec-expectations (3.9.0)
      diff-lcs (>= 1.2.0, < 2.0)
      rspec-support (~> 3.9.0)
    rspec-mocks (3.9.1)
      diff-lcs (>= 1.2.0, < 2.0)
      rspec-support (~> 3.9.0)
    rspec-support (3.9.2)
    text-table (1.2.4)
    thor (1.0.1)

PLATFORMS
  ruby

DEPENDENCIES
  bundler (~> 1.16)
  filesize
  json
  rake (>= 12.3.3)
  rspec (~> 3.0)
  text-table
  thor
  zfs_mgmt!

BUNDLED WITH
   1.16.6
