PATH
  remote: .
  specs:
    zfs_mgmt (0.4.5)
      filesize (~> 0.2)
      text-table (~> 1.2)
      thor (~> 1.0)

GEM
  remote: https://rubygems.org/
  specs:
    diff-lcs (1.5.0)
    filesize (0.2.0)
    json (2.6.2)
    rake (13.0.6)
    rspec (3.11.0)
      rspec-core (~> 3.11.0)
      rspec-expectations (~> 3.11.0)
      rspec-mocks (~> 3.11.0)
    rspec-core (3.11.0)
      rspec-support (~> 3.11.0)
    rspec-expectations (3.11.0)
      diff-lcs (>= 1.2.0, < 2.0)
      rspec-support (~> 3.11.0)
    rspec-mocks (3.11.1)
      diff-lcs (>= 1.2.0, < 2.0)
      rspec-support (~> 3.11.0)
    rspec-support (3.11.0)
    text-table (1.2.4)
    thor (1.2.1)

PLATFORMS
  x86_64-linux

DEPENDENCIES
  bundler (>= 2.2.33)
  filesize
  json
  rake (>= 12.3.3)
  rspec (~> 3.0)
  text-table
  thor
  zfs_mgmt!

BUNDLED WITH
   2.3.21
